##TITLE= Parameter file, XWIN-NMR		Version 3.5
##JCAMPDX= 5.0
##DATATYPE= Parameter Values
##ORIGIN= UXNMR, Bruker Analytische Messtechnik GmbH
##OWNER= root
$$ Thu Mar  3 18:14:35 2005 CET (UT+1h)  guest@drx500
$$ /u/data/guest/nmr/mdxist26_13C15Nd/55/pdata/1/proc2s
##$ABSF1= 1000
##$ABSF2= -1000
##$ABSG= 0
##$ABSL= 0
##$ALPHA= 0
##$AQORDER= 160
##$ASSFAC= 0
##$ASSFACI= 0
##$ASSFACX= 0
##$ASSWID= 0
##$AUNMP= <        >
##$AZFE= 0.1
##$AZFW= 0.5
##$BCFW= 1
##$BC_mod= 0
##$BYTORDP= 0
##$COROFFS= 0
##$CY= -3
##$DATMOD= 1
##$DC= 1
##$DFILT= <        >
##$DTYPP= 0
##$F1P= 0
##$F2P= 0
##$FCOR= 1
##$FTSIZE= 256
##$FT_mod= 4
##$GAMMA= 1
##$GB= 0
##$INTBC= 1
##$INTSCL= 1
##$ISEN= 128
##$LB= 0
##$LEV0= 0
##$LPBIN= 0
##$MAXI= 10000
##$MC2= 4
##$MEAN= 0
##$ME_mod= 0
##$MI= 1
##$NCOEF= 0
##$NC_proc= -9
##$NLEV= 6
##$NOISF1= 0
##$NOISF2= 0
##$NSP= 1
##$NTH_PF= 0 
##$NTH_PI= 0
##$NZP= 1
##$OFFSET= 165.1638
##$PC= 4
##$PHC0= -90
##$PHC1= 180
##$PH_mod= 1
##$PKNL= no
##$PPARMOD= 2
##$PSCAL= 1
##$PSIGN= 0
##$REVERSE= no
##$SF= 125.75804
##$SI= 256
##$SIGF1= 0
##$SIGF2= 0
##$SINO= 16
##$SIOLD= 256
##$SREGLST= <.MeOH>
##$SSB= 2
##$STSI= 256
##$STSR= 0
##$SW_p= 6329.11392405064
##$SYMM= 0
##$S_DEV= 7825594
##$T1D= 5 
##$TDeff= 106
##$TDoff= -2
##$TI= <        >
##$TILT= no
##$TM1= 0
##$TM2= 0
##$TOPLEV= 0
##$USERP1= <user>
##$USERP2= <user>
##$USERP3= <user>
##$USERP4= <user>
##$USERP5= <user>
##$WDW= 4
##$XDIM= 32
##$YMAX_p= 440787301
##$YMIN_p= -424191627
##END=
