##TITLE= Parameter file, TOPSPIN		Version 3.2
##JCAMPDX= 5.0
##DATATYPE= Parameter Values
##NPOINTS= 4790	$$ modification sequence number
##ORIGIN= Bruker BioSpin GmbH
##OWNER= nmrsu
$$ 2014-02-25 16:05:41.787 -0600  gabrielc@telemark
$$ /opt/topspin3.2.5/conf/instr/spect/specpar
$$ process /opt/topspin3.2.5/prog/mod/cprserver
##$HPPRECH= (0..15)
-1 -1 -1 -1 -1 -1 -1 -1 -1 -1 -1 -1 -1 -1 -1 -1
##$NUC1= 1
##$NUC2= 10
##$NUC3= 12
##$NUC4= 0
##$NUC5= 0
##$NUC6= 0
##$NUC7= 0
##$NUC8= 0
##$NUCARR= (0..123)
750.29 750.29 115.174083216 800.289130525 571.566697867 110.413321649 291.591182511
105.429347758 80.608591608 240.722848525 188.6600674 54.200086767 76.026225445
101.712741225 705.977955132 59.230113458 198.46596051 45.930015242 195.502007391
149.061517342 303.722959152 57.5922604 73.512731436 61.191589103 35.011329982
19.217215285 50.494734584 182.258548566 42.297853849 42.309130707 74.806231396
197.348388549 42.410112238 185.991023732 24.292724556 178.021863515 67.046297048
198.942942372 213.11006821 46.944167229 180.079758927 228.813720442 26.172478613
128.469260581 143.091654888 39.148046394 187.977506542 202.627203902 28.86815804
72.440071835 245.498294317 32.516233084 36.765695574 69.749194264 183.642255893
48.895844085 49.922008215 168.877719145 34.551987438 38.72523547 23.907593196
34.33402069 30.370381175 34.914992746 159.177624892 166.513172708 164.05657319
164.408264124 245.485501872 267.345276051 279.787882833 179.548726173 97.231709229
196.348957252 236.71476183 150.114166709 208.657044539 61.853314871 98.409101812
74.537237425 83.379187491 98.99551347 105.983271859 229.738798 40.890805
25.209744 31.287093 25.809976 186.522094 82.381842 23.033903 30.236687
180.369716 25.809976 36.163978 160.111886 21.608352 62.199041 131.295542987
36.1714809 85.5630716 61.0060799 30.0641203 18.8847993 89.95676984 31.259985022
168.99982134 170.70297964 17.12410126 58.26301966 12.8899822 14.0379259
161.288220674 12.9725141 134.383106384 49.606046091 428.58965728 432.79606813
156.965162237 120.566260935 13.81584006 100 100 100
##$OFFSF= (0..7)
0 0 0 0 0 0 0 0
##$OFFSH= (0..7)
4633.3 953.7 0 0 0 0 0 0
##$OFFSX= (0..7)
0.200000002337219 9123.2 547.4 0 0 0 0 0
##$PRECHAN= (0..15)
-1 3 0 1 4 -1 -1 -1 -1 -1 -1 -1 -1 -1 -1 -1
##$RECPRE= (0..15)
-1 0 -1 -1 -1 -1 -1 -1 -1 -1 -1 -1 -1 -1 -1 -1
##$RECSEL= (0..15)
0 0 0 0 1 0 0 0 0 0 0 0 0 0 0 0
##$SELREC= (0..9)
0 0 0 0 0 0 0 0 0 0
##$SFO1= 750.29
##$SFO2= 188.660067
##$SFO3= 76.026225
##$SFO4= 750.29
##$SFO5= 750.29
##$SFO6= 750.29
##$SFO7= 750.29
##$SFO8= 750.29
##END=
