##TITLE= Parameter file, TOPSPIN		Version 3.2
##JCAMPDX= 5.0
##DATATYPE= Parameter Values
##NPOINTS= 4701	$$ modification sequence number
##ORIGIN= Bruker BioSpin GmbH
##OWNER= nmrsu
$$ 2013-05-17 16:28:10.579 -0500  gabrielc@telemark
$$ /opt/topspin3.2/conf/instr/spect/specpar
$$ process /opt/topspin3.2/prog/mod/cprserver
##$HPPRECH= (0..15)
-1 -1 -1 -1 -1 -1 -1 -1 -1 -1 -1 -1 -1 -1 -1 -1
##$NUC1= 2
##$NUC2= 0
##$NUC3= 0
##$NUC4= 0
##$NUC5= 0
##$NUC6= 0
##$NUC7= 0
##$NUC8= 0
##$NUCARR= (0..123)
750.29 115.174083 800.289131 571.566698 110.413322 291.591183 105.429348
80.608592 240.722849 188.660571 54.200087 76.026225 101.712741 705.977955
59.230113 198.465961 45.930015 195.502007 149.061517 303.722959 57.59226
73.512731 61.191589 35.01133 19.217215 50.494735 182.258549 42.297854 42.309131
74.806231 197.348389 42.410112 185.991024 24.292725 178.021864 67.046297
198.942942 213.110068 46.944167 180.079759 228.81372 26.172479 128.469261
143.091655 39.148046 187.977507 202.627204 28.868158 72.440072 245.498294
32.516233 36.765696 69.749194 183.642256 48.895844 49.922008 168.877719
34.551987 38.725235 23.907593 34.334021 30.370381 34.914993 159.177625
166.513173 164.056573 164.408264 245.485502 267.345276 279.787883 179.548726
97.231709 196.348957 236.714762 150.114167 208.657045 61.853315 98.409102
74.537237 83.379187 98.995513 105.983272 229.738798 40.890805 25.209744
31.287093 25.809976 186.522094 82.381842 23.033903 30.236687 180.369716
25.809976 36.163978 160.111886 21.608352 62.199041 131.295543 36.171481
85.563072 61.00608 30.06412 18.884799 89.95677 31.259985 168.999821 170.70298
17.124101 58.26302 12.889982 14.037926 161.288221 12.972514 134.383106
49.606046 428.589657 432.796068 156.965162 120.566261 13.81584 100 100
100 100
##$OFFSF= (0..7)
0 0 0 0 0 0 0 0
##$OFFSH= (0..7)
4633.3 953.7 0 0 0 0 0 0
##$OFFSX= (0..7)
0.200000002337219 9123.2 547.4 0 0 0 0 0
##$PRECHAN= (0..15)
-1 3 0 1 4 -1 -1 -1 -1 -1 -1 -1 -1 -1 -1 -1
##$RECPRE= (0..15)
-1 0 -1 -1 -1 -1 -1 -1 -1 -1 -1 -1 -1 -1 -1 -1
##$RECSEL= (0..15)
0 0 0 0 1 0 0 0 0 0 0 0 0 0 0 0
##$SELREC= (0..9)
0 0 0 0 0 0 0 0 0 0
##$SFO1= 115.174083
##$SFO2= 115.174083
##$SFO3= 115.174083
##$SFO4= 115.174083
##$SFO5= 115.174083
##$SFO6= 115.174083
##$SFO7= 115.174083
##$SFO8= 115.174083
##END=
