##TITLE= Parameter file, TOPSPIN		Version 3.1
##JCAMPDX= 5.0
##DATATYPE= Parameter Values
##NPOINTS= 13312	$$ modification sequence number
##ORIGIN= Bruker BioSpin GmbH
##OWNER= nmrsu
$$ 2012-12-31 12:20:40.491 +0100  guest@pat.nmr.ch.tum.de
$$ /opt/topspin3.1/conf/instr/spect/specpar
$$ process /opt/topspin3.1/prog/mod/cprserver
##$HPPRECH= (0..15)
-1 -1 -1 -1 -1 -1 -1 -1 -1 -1 -1 -1 -1 -1 -1 -1
##$NUC1= 10
##$NUC2= 1
##$NUC3= 12
##$NUC4= 0
##$NUC5= 0
##$NUC6= 0
##$NUC7= 0
##$NUC8= 0
##$NUCARR= (0..123)
600.08 600.08 92.115934 640.069175 457.137566 88.308289 233.213873 84.322119
64.470543 192.529511 150.890236 43.349089 60.805578 81.349587 564.639341
47.372091 158.732562 36.734707 156.361999 119.219016 242.916837 46.062141
58.795292 48.940875 28.001971 15.369879 40.385558 145.769915 33.829714
33.838733 59.82983 157.83873 33.919498 148.755139 19.429258 142.381426
53.623455 159.11405 170.444881 37.545823 144.027325 183.004621 20.932681
102.749382 114.444335 31.310506 150.343923 162.060713 23.088678 57.937382
196.3489 26.006399 29.405108 55.785225 146.876601 39.10677 39.927493 135.067963
27.63459 30.972343 19.121231 27.460261 24.290152 27.924921 127.309852 133.176805
131.212023 131.493304 196.338669 213.82206 223.773625 143.602606 77.765669
157.039388 189.323854 120.060922 166.883364 49.470121 78.707345 59.61469
66.686458 79.176355 84.765147 183.744496 32.70436 20.162688 25.023336 20.642752
149.179888 65.888784 18.422456 24.183224 144.259232 20.642752 28.923856
128.057072 17.282304 49.746632 105.009835 28.929857 68.433123 48.792505
24.045206 15.104014 71.947192 25.001655 135.16562 136.527801 13.695812
46.598612 10.309374 11.227497 128.997901 10.375383 107.479261 39.674787
342.784899 346.149175 125.54033 96.428583 11.049873 100 100 100
##$OFFSF= (0..7)
0 0 0 0 0 0 0 0
##$OFFSH= (0..7)
2700.39999998062 0 0 0 0 0 0 0
##$OFFSX= (0..7)
6224.50000000185 5980.00000000098 431.1 0 0 0 0 0
##$PRECHAN= (0..15)
-1 3 0 2 4 -1 -1 -1 -1 -1 -1 -1 -1 -1 -1 -1
##$RECPRE= (0..15)
-1 0 -1 -1 -1 -1 -1 -1 -1 -1 -1 -1 -1 -1 -1 -1
##$RECSEL= (0..15)
0 0 0 0 1 0 0 0 0 0 0 0 0 0 0 0
##$SELREC= (0..9)
0 0 0 0 0 0 0 0 0 0
##$SFO1= 150.89646
##$SFO2= 600.0827
##$SFO3= 60.811558
##$SFO4= 600.08
##$SFO5= 600.082376
##$SFO6= 600.082376
##$SFO7= 600.082376
##$SFO8= 600.082376
##END=
